PATH
  remote: .
  specs:
    meteoalarm (0.1.2)

GEM
  remote: https://rubygems.org/
  specs:
    addressable (2.8.6)
      public_suffix (>= 2.0.2, < 6.0)
    crack (0.4.5)
      rexml
    docile (1.4.0)
    hashdiff (1.1.0)
    minitest (5.20.0)
    mocha (2.1.0)
      ruby2_keywords (>= 0.0.5)
    public_suffix (5.0.4)
    rake (13.1.0)
    rexml (3.2.6)
    ruby2_keywords (0.0.5)
    simplecov (0.22.0)
      docile (~> 1.1)
      simplecov-html (~> 0.11)
      simplecov_json_formatter (~> 0.1)
    simplecov-html (0.12.3)
    simplecov_json_formatter (0.1.4)
    timecop (0.9.8)
    webmock (3.19.1)
      addressable (>= 2.8.0)
      crack (>= 0.3.2)
      hashdiff (>= 0.4.0, < 2.0.0)

PLATFORMS
  arm64-darwin-22
  x86_64-linux

DEPENDENCIES
  meteoalarm!
  minitest (~> 5.0)
  mocha
  rake (~> 13.0)
  simplecov
  timecop
  webmock

BUNDLED WITH
   2.4.13
